PATH
  remote: .
  specs:
    apns (1.1.0)

GEM
  remote: http://rubygems.org/
  specs:
    diff-lcs (1.3)
    rspec (3.4.0)
      rspec-core (~> 3.4.0)
      rspec-expectations (~> 3.4.0)
      rspec-mocks (~> 3.4.0)
    rspec-core (3.4.3)
      rspec-support (~> 3.4.0)
    rspec-expectations (3.4.0)
      diff-lcs (>= 1.2.0, < 2.0)
      rspec-support (~> 3.4.0)
    rspec-mocks (3.4.1)
      diff-lcs (>= 1.2.0, < 2.0)
      rspec-support (~> 3.4.0)
    rspec-support (3.4.1)

PLATFORMS
  ruby

DEPENDENCIES
  apns!
  rspec (~> 3.4.0)
  rspec-mocks (~> 3.4.0)

BUNDLED WITH
   1.13.6
